GEM
  remote: https://rubygems.org/
  specs:
    byebug (11.0.1)
    rack (2.0.7)

PLATFORMS
  ruby

DEPENDENCIES
  byebug
  rack

BUNDLED WITH
   1.16.1
